GEM
  remote: https://rubygems.org/
  specs:
    rack (3.0.4.1)

PLATFORMS
  x86_64-linux

DEPENDENCIES
  rack

BUNDLED WITH
   2.2.33
